GEM
  remote: https://rubygems.org/
  specs:
    benchmark-ips (2.6.1)
    ffi (1.9.14)

PLATFORMS
  ruby

DEPENDENCIES
  benchmark-ips
  ffi

BUNDLED WITH
   1.12.5
